PATH
  remote: .
  specs:
    tic_tac_toe (0.1.0)

GEM
  remote: https://rubygems.org/
  specs:
    minitest (5.11.3)
    rake (10.5.0)

PLATFORMS
  ruby

DEPENDENCIES
  bundler (~> 2.0.a)
  minitest (~> 5.0)
  rake (~> 10.0)
  tic_tac_toe!

BUNDLED WITH
   2.0.0.pre.2
